GEM
  remote: http://rubygems.org/
  specs:
    activesupport (5.0.0)
      concurrent-ruby (~> 1.0, >= 1.0.2)
      i18n (~> 0.7)
      minitest (~> 5.1)
      tzinfo (~> 1.1)
    concurrent-ruby (1.0.2)
    daemons (1.2.3)
    hash-deep-merge (0.1.1)
    i18n (0.7.0)
    minitest (5.9.0)
    multi_json (1.12.1)
    power_assert (0.3.0)
    rack (2.1.4)
    rack-test (0.6.3)
      rack (>= 1.0)
    rake (11.2.2)
    sqlite3 (1.3.11)
    test-unit (3.2.1)
      power_assert
    thread_safe (0.3.5)
    tzinfo (1.2.2)
      thread_safe (~> 0.1)

PLATFORMS
  ruby

DEPENDENCIES
  activesupport
  daemons
  hash-deep-merge
  multi_json
  rack
  rack-test
  rake
  sqlite3
  test-unit

BUNDLED WITH
   1.12.5
